STORAGE: NONE
RESTRICTION: || (== net6.0) (== netstandard2.0) (== netstandard2.1)
NUGET
  remote: https://api.nuget.org/v3/index.json
    Discord.Net (3.6.1)
      Discord.Net.Commands (>= 3.6.1)
      Discord.Net.Core (>= 3.6.1)
      Discord.Net.Interactions (>= 3.6.1)
      Discord.Net.Rest (>= 3.6.1)
      Discord.Net.Webhook (>= 3.6.1)
      Discord.Net.WebSocket (>= 3.6.1)
    Discord.Net.Commands (3.6.1)
      Discord.Net.Core (>= 3.6.1)
    Discord.Net.Core (3.6.1)
      Newtonsoft.Json (>= 13.0.1)
      System.Collections.Immutable (>= 1.3.1) - restriction: || (&& (== net6.0) (< net5.0)) (&& (== netstandard2.0) (>= netstandard2.1)) (== netstandard2.1)
      System.Collections.Immutable (>= 5.0) - restriction: || (== net6.0) (== netstandard2.0) (&& (== netstandard2.1) (>= net461)) (&& (== netstandard2.1) (>= net5.0))
      System.Interactive.Async (>= 5.0)
      System.ValueTuple (>= 4.5)
    Discord.Net.Interactions (3.6.1)
      Discord.Net.Core (>= 3.6.1)
      Discord.Net.Rest (>= 3.6.1)
      Discord.Net.WebSocket (>= 3.6.1)
      Microsoft.Extensions.DependencyInjection.Abstractions (>= 5.0)
      System.Collections.Immutable (>= 5.0)
      System.Reactive (>= 5.0)
    Discord.Net.Rest (3.6.1)
      Discord.Net.Core (>= 3.6.1)
    Discord.Net.Webhook (3.6.1)
      Discord.Net.Core (>= 3.6.1)
      Discord.Net.Rest (>= 3.6.1)
    Discord.Net.WebSocket (3.6.1)
      Discord.Net.Core (>= 3.6.1)
      Discord.Net.Rest (>= 3.6.1)
    FSharp.Core (6.0.4)
    FSharp.Data (4.2.8)
      FSharp.Core (>= 4.7.2)
    Microsoft.Bcl.AsyncInterfaces (6.0) - restriction: || (== net6.0) (== netstandard2.0) (&& (== netstandard2.1) (>= net461)) (&& (== netstandard2.1) (>= net48)) (&& (== netstandard2.1) (>= net6.0))
      System.Threading.Tasks.Extensions (>= 4.5.4) - restriction: || (&& (== net6.0) (>= net461)) (&& (== net6.0) (< netstandard2.1)) (== netstandard2.0) (&& (== netstandard2.1) (>= net461))
    Microsoft.Extensions.DependencyInjection.Abstractions (6.0)
      Microsoft.Bcl.AsyncInterfaces (>= 6.0) - restriction: || (&& (== net6.0) (>= net461)) (&& (== net6.0) (< netstandard2.1)) (== netstandard2.0) (&& (== netstandard2.1) (>= net461))
      System.Threading.Tasks.Extensions (>= 4.5.4) - restriction: || (&& (== net6.0) (>= net461)) (&& (== net6.0) (< netstandard2.1)) (== netstandard2.0) (&& (== netstandard2.1) (>= net461))
    Microsoft.NETCore.Platforms (6.0.3) - restriction: || (&& (== net6.0) (< netcoreapp3.1)) (&& (== net6.0) (< netstandard1.2)) (&& (== net6.0) (< netstandard1.3)) (&& (== net6.0) (< netstandard1.5)) (== netstandard2.0) (== netstandard2.1)
    Microsoft.NETCore.Targets (5.0) - restriction: || (&& (== net6.0) (< netcoreapp3.1)) (&& (== net6.0) (< netstandard1.2)) (&& (== net6.0) (< netstandard1.3)) (&& (== net6.0) (< netstandard1.5)) (== netstandard2.0) (== netstandard2.1)
    Newtonsoft.Json (13.0.1)
    System.Buffers (4.5.1) - restriction: || (&& (== net6.0) (>= net461)) (== netstandard2.0) (== netstandard2.1)
    System.Collections.Immutable (6.0)
      System.Memory (>= 4.5.4) - restriction: || (&& (== net6.0) (>= net461)) (== netstandard2.0) (== netstandard2.1)
      System.Runtime.CompilerServices.Unsafe (>= 6.0)
    System.Interactive.Async (6.0.1)
      System.Linq.Async (>= 6.0.1)
    System.Linq.Async (6.0.1)
      Microsoft.Bcl.AsyncInterfaces (>= 6.0) - restriction: || (== net6.0) (== netstandard2.0) (&& (== netstandard2.1) (>= net48)) (&& (== netstandard2.1) (>= net6.0))
    System.Memory (4.5.4) - restriction: || (&& (== net6.0) (>= net461)) (== netstandard2.0) (== netstandard2.1)
      System.Buffers (>= 4.5.1) - restriction: || (&& (== net6.0) (>= monotouch)) (&& (== net6.0) (>= net461)) (&& (== net6.0) (< netcoreapp2.0)) (&& (== net6.0) (< netstandard1.1)) (&& (== net6.0) (< netstandard2.0)) (&& (== net6.0) (>= xamarinios)) (&& (== net6.0) (>= xamarinmac)) (&& (== net6.0) (>= xamarintvos)) (&& (== net6.0) (>= xamarinwatchos)) (== netstandard2.0) (== netstandard2.1)
      System.Numerics.Vectors (>= 4.4) - restriction: || (&& (== net6.0) (< netcoreapp2.0)) (== netstandard2.0) (== netstandard2.1)
      System.Runtime.CompilerServices.Unsafe (>= 4.5.3) - restriction: || (&& (== net6.0) (>= monotouch)) (&& (== net6.0) (>= net461)) (&& (== net6.0) (< netcoreapp2.0)) (&& (== net6.0) (< netcoreapp2.1)) (&& (== net6.0) (< netstandard1.1)) (&& (== net6.0) (< netstandard2.0)) (&& (== net6.0) (>= uap10.1)) (&& (== net6.0) (>= xamarinios)) (&& (== net6.0) (>= xamarinmac)) (&& (== net6.0) (>= xamarintvos)) (&& (== net6.0) (>= xamarinwatchos)) (== netstandard2.0) (== netstandard2.1)
    System.Numerics.Vectors (4.5) - restriction: || (&& (== net6.0) (>= net461)) (== netstandard2.0) (== netstandard2.1)
    System.Reactive (5.0)
      System.Runtime.InteropServices.WindowsRuntime (>= 4.3) - restriction: || (&& (== net6.0) (< netcoreapp3.1)) (== netstandard2.0) (== netstandard2.1)
      System.Threading.Tasks.Extensions (>= 4.5.4) - restriction: || (&& (== net6.0) (>= net472)) (&& (== net6.0) (< netcoreapp3.1)) (&& (== net6.0) (>= uap10.1)) (== netstandard2.0) (== netstandard2.1)
    System.Runtime (4.3.1) - restriction: || (&& (== net6.0) (< netcoreapp3.1)) (== netstandard2.0) (== netstandard2.1)
      Microsoft.NETCore.Platforms (>= 1.1.1)
      Microsoft.NETCore.Targets (>= 1.1.3)
    System.Runtime.CompilerServices.Unsafe (6.0)
    System.Runtime.InteropServices.WindowsRuntime (4.3) - restriction: || (&& (== net6.0) (< netcoreapp3.1)) (== netstandard2.0) (== netstandard2.1)
      System.Runtime (>= 4.3)
    System.Threading.Tasks.Extensions (4.5.4) - restriction: || (&& (== net6.0) (>= net461)) (&& (== net6.0) (>= net472)) (&& (== net6.0) (< netcoreapp3.1)) (&& (== net6.0) (< netstandard2.1)) (&& (== net6.0) (>= uap10.1)) (== netstandard2.0) (== netstandard2.1)
      System.Runtime.CompilerServices.Unsafe (>= 4.5.3) - restriction: || (&& (== net6.0) (>= net461)) (&& (== net6.0) (< netcoreapp2.1)) (&& (== net6.0) (< netstandard1.0)) (&& (== net6.0) (< netstandard2.0)) (&& (== net6.0) (>= wp8)) (== netstandard2.0) (== netstandard2.1)
    System.ValueTuple (4.5)
